GEM
  remote: https://rubygems.org/
  specs:
    activemodel (6.0.2.2)
      activesupport (= 6.0.2.2)
    activerecord (6.0.2.2)
      activemodel (= 6.0.2.2)
      activesupport (= 6.0.2.2)
    activerecord-postgis-adapter (6.0.0)
      activerecord (~> 6.0)
      rgeo-activerecord (~> 6.0)
    activesupport (6.0.2.2)
      concurrent-ruby (~> 1.0, >= 1.0.2)
      i18n (>= 0.7, < 2)
      minitest (~> 5.1)
      tzinfo (~> 1.1)
      zeitwerk (~> 2.2)
    ast (2.4.0)
    aws-eventstream (1.0.3)
    aws-partitions (1.292.0)
    aws-sdk-core (3.92.0)
      aws-eventstream (~> 1.0, >= 1.0.2)
      aws-partitions (~> 1, >= 1.239.0)
      aws-sigv4 (~> 1.1)
      jmespath (~> 1.0)
    aws-sdk-sqs (1.24.0)
      aws-sdk-core (~> 3, >= 3.71.0)
      aws-sigv4 (~> 1.1)
    aws-sigv4 (1.1.1)
      aws-eventstream (~> 1.0, >= 1.0.2)
    bullet (6.1.0)
      activesupport (>= 3.0.0)
      uniform_notifier (~> 1.11)
    childprocess (3.0.0)
    coderay (1.1.2)
    concurrent-ruby (1.1.6)
    elasticsearch (7.5.0)
      elasticsearch-api (= 7.5.0)
      elasticsearch-transport (= 7.5.0)
    elasticsearch-api (7.5.0)
      multi_json
    elasticsearch-transport (7.5.0)
      faraday (>= 0.14, < 1)
      multi_json
    faraday (0.17.3)
      multipart-post (>= 1.2, < 3)
    hashie (4.1.0)
    i18n (1.8.2)
      concurrent-ruby (~> 1.0)
    iniparse (1.5.0)
    jaro_winkler (1.5.4)
    jmespath (1.4.0)
    little-plugger (1.1.4)
    logging (2.2.2)
      little-plugger (~> 1.1)
      multi_json (~> 1.10)
    method_source (1.0.0)
    minitest (5.14.0)
    multi_json (1.14.1)
    multipart-post (2.1.1)
    overcommit (0.52.1)
      childprocess (>= 0.6.3, < 4)
      iniparse (~> 1.4)
    parallel (1.19.1)
    parser (2.7.0.5)
      ast (~> 2.4.0)
    pg (1.2.3)
    pry (0.13.0)
      coderay (~> 1.1)
      method_source (~> 1.0)
    rainbow (3.0.0)
    rake (13.0.1)
    rexml (3.2.4)
    rgeo (2.1.1)
    rgeo-activerecord (6.2.1)
      activerecord (>= 5.0)
      rgeo (>= 1.0.0)
    rubocop (0.80.1)
      jaro_winkler (~> 1.5.1)
      parallel (~> 1.10)
      parser (>= 2.7.0.1)
      rainbow (>= 2.2.2, < 4.0)
      rexml
      ruby-progressbar (~> 1.7)
      unicode-display_width (>= 1.4.0, < 1.7)
    ruby-progressbar (1.10.1)
    searchkick (4.3.0)
      activemodel (>= 5)
      elasticsearch (>= 6)
      hashie
    thread_safe (0.3.6)
    tzinfo (1.2.6)
      thread_safe (~> 0.1)
    unicode-display_width (1.6.1)
    uniform_notifier (1.13.0)
    zeitwerk (2.3.0)

PLATFORMS
  ruby

DEPENDENCIES
  activerecord (~> 6.0)
  activerecord-postgis-adapter (~> 6.0)
  aws-sdk-sqs (~> 1.23)
  bullet (~> 6.1)
  logging (~> 2.2)
  overcommit (~> 0.52.1)
  pg (~> 1.2)
  pry (~> 0.13.0)
  rake (~> 13.0)
  rubocop (~> 0.80.0)
  searchkick (~> 4.3)

RUBY VERSION
   ruby 2.7.0p0

BUNDLED WITH
   2.1.2
